NUGET
  remote: https://nuget.org/api/v2
  specs:
    FSharp.Collections.ParallelSeq (1.0.2)
